GIT
  remote: https://github.com/openaustralia/scraperwiki-ruby.git
  revision: fc50176812505e463077d5c673d504a6a234aa78
  branch: morph_defaults
  specs:
    scraperwiki (3.0.1)
      httpclient
      sqlite_magic

GEM
  remote: https://rubygems.org/
  specs:
    byebug (5.0.0)
      columnize (= 0.9.0)
    coderay (1.1.0)
    columnize (0.9.0)
    faraday (0.9.2)
      multipart-post (>= 1.2, < 3)
    httpclient (2.6.0.1)
    method_source (0.8.2)
    mini_portile (0.6.2)
    multipart-post (2.0.0)
    nokogiri (1.6.6.2)
      mini_portile (~> 0.6.0)
    pry (0.10.2)
      coderay (~> 1.1.0)
      method_source (~> 0.8.1)
      slop (~> 3.4)
    pry-byebug (3.2.0)
      byebug (~> 5.0)
      pry (~> 0.10)
    slop (3.6.0)
    sqlite3 (1.3.10)
    sqlite_magic (0.0.3)
      sqlite3

PLATFORMS
  ruby

DEPENDENCIES
  faraday
  nokogiri
  pry
  pry-byebug
  scraperwiki!

BUNDLED WITH
   1.10.6
